GEM
  remote: https://rubygems.org/
  specs:
    business (2.3.0)
    uk_phone_numbers (0.1.0)

PLATFORMS
  ruby

DEPENDENCIES
  business (~> 2.3.0)
  uk_phone_numbers (~> 0.1.0)

BUNDLED WITH
   1.17.3
